GEM
  remote: http://rubygems.org/
  specs:
    ansi (1.4.3)
    builder (3.2.2)
    chunky_png (1.2.5)
    compass (0.11.5)
      chunky_png (~> 1.2)
      fssm (>= 0.2.7)
      sass (~> 3.1)
    ffi (1.9.24)
    ffi (1.9.24-x86-mingw32)
    fssm (0.2.7)
    guard (0.8.7)
      thor (~> 0.14.6)
    guard-shell (0.1.1)
      guard (>= 0.2.0)
    htmlentities (4.2.3)
    metaclass (0.0.4)
    minitest (5.3.5)
    minitest-reporters (1.0.4)
      ansi
      builder
      minitest (>= 5.0)
      ruby-progressbar
    mocha (1.1.0)
      metaclass (~> 0.0.1)
    qtbindings (4.6.3.4)
    qtbindings (4.6.3.4-x86-mingw32)
    r18n-core (1.0.0)
    r18n-desktop (1.0.0)
      r18n-core (= 1.0.0)
    rake (0.8.7)
    rb-fchange (0.0.5)
      ffi
    rb-fsevent (0.9.3)
    rb-inotify (0.8.8)
      ffi (>= 0.5.0)
    ruby-progressbar (1.5.1)
    rubywarrior-i18n (0.0.3)
      r18n-desktop (= 1.0.0)
    sass (3.1.12)
    thor (0.14.6)

PLATFORMS
  ruby
  x86-mingw32

DEPENDENCIES
  compass
  ffi (= 1.9.24)
  guard
  guard-shell
  htmlentities
  minitest (= 5.3.5)
  minitest-reporters (= 1.0.4)
  mocha (= 1.1.0)
  qtbindings
  rake (= 0.8.7)
  rb-fchange
  rb-fsevent (~> 0.9.3)
  rb-inotify
  rubywarrior-i18n
