GEM
  remote: http://rubygems.org/
  specs:
    chunky_png (1.2.5)
    compass (0.11.5)
      chunky_png (~> 1.2)
      fssm (>= 0.2.7)
      sass (~> 3.1)
    ffi (1.0.11)
    fssm (0.2.7)
    guard (0.8.7)
      thor (~> 0.14.6)
    guard-shell (0.1.1)
      guard (>= 0.2.0)
    htmlentities (4.2.3)
    metaclass (0.0.1)
    minitest (2.11.1)
    mocha (0.12.10)
      metaclass (~> 0.0.1)
    qtbindings (4.6.3.4)
    qtbindings (4.6.3.4-x86-mingw32)
    r18n-core (1.0.0)
    r18n-desktop (1.0.0)
      r18n-core (= 1.0.0)
    rake (0.8.7)
    rb-fchange (0.0.5)
      ffi
    rb-fsevent (0.9.3)
    rb-inotify (0.8.8)
      ffi (>= 0.5.0)
    rubywarrior-i18n (0.0.3)
      r18n-desktop (= 1.0.0)
    sass (3.1.12)
    thor (0.14.6)

PLATFORMS
  ruby
  x86-mingw32

DEPENDENCIES
  compass
  ffi (= 1.0.11)
  guard
  guard-shell
  htmlentities
  minitest (~> 2.0)
  mocha (= 0.12.10)
  qtbindings
  rake (= 0.8.7)
  rb-fchange
  rb-fsevent (~> 0.9.3)
  rb-inotify
  rubywarrior-i18n
